GEM
  remote: https://rubygems.org/
  specs:
    holiday_jp (0.8.0)

PLATFORMS
  ruby

DEPENDENCIES
  holiday_jp (~> 0.8.0)

BUNDLED WITH
   2.1.4
